GEM
  remote: https://rubygems.org/
  specs:
    actionmailer (3.2.3)
      actionpack (= 3.2.3)
      mail (~> 2.4.4)
    actionpack (3.2.3)
      activemodel (= 3.2.3)
      activesupport (= 3.2.3)
      builder (~> 3.0.0)
      erubis (~> 2.7.0)
      journey (~> 1.0.1)
      rack (~> 1.4.0)
      rack-cache (~> 1.2)
      rack-test (~> 0.6.1)
      sprockets (~> 2.1.2)
    active_link_to (1.0.0)
    activemodel (3.2.3)
      activesupport (= 3.2.3)
      builder (~> 3.0.0)
    activerecord (3.2.3)
      activemodel (= 3.2.3)
      activesupport (= 3.2.3)
      arel (~> 3.0.2)
      tzinfo (~> 0.3.29)
    activeresource (3.2.3)
      activemodel (= 3.2.3)
      activesupport (= 3.2.3)
    activesupport (3.2.3)
      i18n (~> 0.6)
      multi_json (~> 1.0)
    acts-as-taggable-on (2.2.2)
      rails (~> 3.0)
    arel (3.0.2)
    awesome_print (1.0.2)
    bcrypt-ruby (3.0.1)
    bootstrap-sass (2.0.2)
    builder (3.0.0)
    cancan (1.6.7)
    capistrano (2.12.0)
      highline
      net-scp (>= 1.0.0)
      net-sftp (>= 2.0.0)
      net-ssh (>= 2.0.14)
      net-ssh-gateway (>= 1.1.0)
    capistrano-unicorn (0.1.6)
      capistrano
    chronic (0.6.7)
    coderay (1.0.6)
    coffee-rails (3.2.2)
      coffee-script (>= 2.2.0)
      railties (~> 3.2.0)
    coffee-script (2.2.0)
      coffee-script-source
      execjs
    coffee-script-source (1.3.1)
    devise (2.1.0.rc)
      bcrypt-ruby (~> 3.0)
      orm_adapter (~> 0.0.3)
      railties (~> 3.1)
      warden (~> 1.1.1)
    diff-lcs (1.1.3)
    domain_name (0.5.3)
      unf (~> 0.0.3)
    email_spec (1.2.1)
      mail (~> 2.2)
      rspec (~> 2.0)
    erubis (2.7.0)
    escape (0.0.4)
    execjs (1.3.2)
      multi_json (~> 1.0)
    factory_girl (3.2.0)
      activesupport (>= 3.0.0)
    factory_girl_rails (3.2.0)
      factory_girl (~> 3.2.0)
      railties (>= 3.0.0)
    fast-stemmer (1.0.1)
    fattr (2.2.1)
    ffi (1.0.11)
    guard (1.0.2)
      ffi (>= 0.5.0)
      thor (~> 0.14.6)
    guard-bundler (0.1.3)
      bundler (>= 1.0.0)
      guard (>= 0.2.2)
    guard-rails (0.1.0)
      guard (>= 0.2.2)
    guard-rspec (0.7.0)
      guard (>= 0.10.0)
    haml (3.1.5)
    haml-rails (0.3.4)
      actionpack (~> 3.0)
      activesupport (~> 3.0)
      haml (~> 3.0)
      railties (~> 3.0)
    highline (1.6.11)
    hike (1.2.1)
    httparty (0.8.3)
      multi_json (~> 1.0)
      multi_xml
    i18n (0.6.0)
    journey (1.0.3)
    jquery-rails (2.0.2)
      railties (>= 3.2.0, < 5.0)
      thor (~> 0.14)
    json (1.7.1)
    kgio (2.7.4)
    libnotify (0.7.2)
    libv8 (3.3.10.4)
    machinist (2.0)
    mail (2.4.4)
      i18n (>= 0.4.0)
      mime-types (~> 1.16)
      treetop (~> 1.4.8)
    mechanize (2.4)
      domain_name (~> 0.5, >= 0.5.1)
      mime-types (~> 1.17, >= 1.17.2)
      net-http-digest_auth (~> 1.1, >= 1.1.1)
      net-http-persistent (~> 2.5, >= 2.5.2)
      nokogiri (~> 1.4)
      ntlm-http (~> 0.1, >= 0.1.1)
      webrobots (~> 0.0, >= 0.0.9)
    method_source (0.7.1)
    mime-types (1.18)
    multi_json (1.3.4)
    multi_xml (0.4.4)
    net-http-digest_auth (1.2)
    net-http-persistent (2.6)
    net-scp (1.0.4)
      net-ssh (>= 1.99.1)
    net-sftp (2.0.5)
      net-ssh (>= 2.0.9)
    net-ssh (2.3.0)
    net-ssh-gateway (1.1.0)
      net-ssh (>= 1.99.1)
    nokogiri (1.5.2)
    ntlm-http (0.1.1)
    options (2.3.0)
      fattr
    orm_adapter (0.0.7)
    pismo (0.7.2)
      awesome_print
      chronic
      fast-stemmer
      nokogiri
      sanitize
      shoulda
    polyglot (0.3.3)
    pr_geohash (1.0.0)
    progress_bar (0.4.0)
      highline (~> 1.6.1)
      options (~> 2.3.0)
    pry (0.9.9.4)
      coderay (~> 1.0.5)
      method_source (~> 0.7.1)
      slop (>= 2.4.4, < 3)
    pry-rails (0.1.6)
      pry
    rack (1.4.1)
    rack-cache (1.2)
      rack (>= 0.4)
    rack-ssl (1.3.2)
      rack
    rack-test (0.6.1)
      rack (>= 1.0)
    rails (3.2.3)
      actionmailer (= 3.2.3)
      actionpack (= 3.2.3)
      activerecord (= 3.2.3)
      activeresource (= 3.2.3)
      activesupport (= 3.2.3)
      bundler (~> 1.0)
      railties (= 3.2.3)
    railties (3.2.3)
      actionpack (= 3.2.3)
      activesupport (= 3.2.3)
      rack-ssl (~> 1.3.2)
      rake (>= 0.8.7)
      rdoc (~> 3.4)
      thor (~> 0.14.6)
    raindrops (0.8.0)
    rake (0.9.2.2)
    rb-inotify (0.8.8)
      ffi (>= 0.5.0)
    rdoc (3.12)
      json (~> 1.4)
    rolify (3.1.0)
    rsolr (1.0.8)
      builder (>= 2.1.2)
    rspec (2.10.0)
      rspec-core (~> 2.10.0)
      rspec-expectations (~> 2.10.0)
      rspec-mocks (~> 2.10.0)
    rspec-core (2.10.0)
    rspec-expectations (2.10.0)
      diff-lcs (~> 1.1.3)
    rspec-mocks (2.10.1)
    rspec-rails (2.10.1)
      actionpack (>= 3.0)
      activesupport (>= 3.0)
      railties (>= 3.0)
      rspec (~> 2.10.0)
    rvm-capistrano (1.1.0)
      capistrano (>= 2.0.0)
    sanitize (2.0.3)
      nokogiri (>= 1.4.4, < 1.6)
    sass (3.1.17)
    sass-rails (3.2.5)
      railties (~> 3.2.0)
      sass (>= 3.1.10)
      tilt (~> 1.3)
    shoulda (3.0.1)
      shoulda-context (~> 1.0.0)
      shoulda-matchers (~> 1.0.0)
    shoulda-context (1.0.0)
    shoulda-matchers (1.0.0)
    simple_form (2.0.2)
      actionpack (~> 3.0)
      activemodel (~> 3.0)
    slop (2.4.4)
    sprockets (2.1.3)
      hike (~> 1.2)
      rack (~> 1.0)
      tilt (~> 1.1, != 1.3.0)
    sqlite3 (1.3.6)
    sunspot (1.3.1)
      escape (~> 0.0.4)
      pr_geohash (~> 1.0)
      rsolr (~> 1.0.7)
    sunspot_rails (1.3.1)
      nokogiri
      sunspot (= 1.3.1)
    sunspot_solr (1.3.1)
      escape (~> 0.0.4)
    therubyracer (0.10.1)
      libv8 (~> 3.3.10)
    thor (0.14.6)
    tilt (1.3.3)
    treetop (1.4.10)
      polyglot
      polyglot (>= 0.3.1)
    tzinfo (0.3.33)
    uglifier (1.2.4)
      execjs (>= 0.3.0)
      multi_json (>= 1.0.2)
    unf (0.0.5)
      unf_ext
    unf_ext (0.0.4)
    unicorn (4.3.1)
      kgio (~> 2.6)
      rack
      raindrops (~> 0.7)
    warden (1.1.1)
      rack (>= 1.0)
    webrobots (0.0.13)
    will_paginate (3.0.3)

PLATFORMS
  ruby

DEPENDENCIES
  active_link_to
  acts-as-taggable-on (~> 2.2.2)
  awesome_print
  bootstrap-sass (>= 2.0.1)
  cancan (>= 1.6.7)
  capistrano
  capistrano-unicorn
  coffee-rails (~> 3.2.1)
  devise (>= 2.1.0.rc)
  email_spec (>= 1.2.1)
  factory_girl_rails (>= 3.2.0)
  guard (>= 0.6.2)
  guard-bundler (>= 0.1.3)
  guard-rails (>= 0.0.3)
  guard-rspec (>= 0.4.3)
  haml (>= 3.1.4)
  haml-rails (>= 0.3.4)
  httparty
  jquery-rails
  libnotify
  machinist
  mechanize
  pismo
  progress_bar
  pry
  pry-rails
  rails (= 3.2.3)
  rb-inotify
  rolify (>= 3.1.0)
  rspec-rails (>= 2.9.0.rc2)
  rvm-capistrano
  sass-rails (~> 3.2.3)
  simple_form
  sqlite3
  sunspot_rails
  sunspot_solr
  therubyracer
  uglifier (>= 1.0.3)
  unicorn
  will_paginate (>= 3.0.3)
